PATH
  remote: .
  specs:
    fluent-plugin-cake (0.1.0)
      fluentd (>= 0.14.10, < 2)
      rest-client (~> 1.7.3)

GEM
  remote: https://rubygems.org/
  specs:
    coderay (1.1.2)
    cool.io (1.5.3)
    dig_rb (1.0.1)
    fluentd (1.0.2)
      cool.io (>= 1.4.5, < 2.0.0)
      dig_rb (~> 1.0.0)
      http_parser.rb (>= 0.5.1, < 0.7.0)
      msgpack (>= 0.7.0, < 2.0.0)
      serverengine (>= 2.0.4, < 3.0.0)
      sigdump (~> 0.2.2)
      strptime (~> 0.1)
      tzinfo (~> 1.0)
      tzinfo-data (~> 1.0)
      yajl-ruby (~> 1.0)
    http_parser.rb (0.6.0)
    method_source (0.9.0)
    mime-types (2.99.3)
    msgpack (1.2.0)
    netrc (0.11.0)
    power_assert (1.1.1)
    pry (0.11.3)
      coderay (~> 1.1.0)
      method_source (~> 0.9.0)
    rake (12.3.0)
    rest-client (1.7.3)
      mime-types (>= 1.16, < 3.0)
      netrc (~> 0.7)
    rspec (0.9.4)
    serverengine (2.0.5)
      sigdump (~> 0.2.2)
    sigdump (0.2.4)
    strptime (0.2.3)
    test-unit (3.2.7)
      power_assert
    thread_safe (0.3.6)
    tzinfo (1.2.4)
      thread_safe (~> 0.1)
    tzinfo-data (1.2017.3)
      tzinfo (>= 1.0.0)
    yajl-ruby (1.3.1)

PLATFORMS
  ruby

DEPENDENCIES
  bundler (~> 1.14)
  fluent-plugin-cake!
  pry (~> 0)
  rake (~> 12.0)
  rspec (~> 0)
  test-unit (~> 3.0)

BUNDLED WITH
   1.16.1
